GEM
  remote: https://rubygems.org/
  specs:
    byebug (9.0.6)
    crc32 (1.0.1)
    mysql2 (0.4.5)
    net-ssh (4.0.1)
    net-ssh-gateway (2.0.0)
      net-ssh (>= 4.0.0)
    parallel (1.10.0)
    redis (3.3.3)
    ruby-progressbar (1.8.1)
    unicode (0.4.4.2)

PLATFORMS
  ruby

DEPENDENCIES
  byebug
  crc32
  mysql2
  net-ssh-gateway
  parallel
  redis
  ruby-progressbar
  unicode

BUNDLED WITH
   1.13.0
